GEM
  remote: http://rubgems.org/
  specs:
    byebug (11.0.1)
    coderay (1.1.2)
    method_source (0.9.2)
    pry (0.12.2)
      coderay (~> 1.1.0)
      method_source (~> 0.9.0)
    pry-byebug (3.7.0)
      byebug (~> 11.0)
      pry (~> 0.10)
    redcarpet (3.5.0)

PLATFORMS
  x64-mingw32
  x86-mingw32

DEPENDENCIES
  pry-byebug
  redcarpet

BUNDLED WITH
   2.0.2
